PATH
  remote: .
  specs:
    ecb (0.0.1)
      activemodel (>= 3.0.3)
      activesupport (>= 3.0.3)
      money (>= 3.5.4)
      nokogiri (= 1.4.2)

GEM
  remote: http://rubygems.org/
  specs:
    activemodel (3.0.3)
      activesupport (= 3.0.3)
      builder (~> 2.1.2)
      i18n (~> 0.4)
    activesupport (3.0.3)
    builder (2.1.2)
    i18n (0.5.0)
    money (3.5.4)
      i18n (~> 0.4)
    nokogiri (1.4.2)

PLATFORMS
  ruby

DEPENDENCIES
  activemodel (>= 3.0.3)
  activesupport (>= 3.0.3)
  ecb!
  money (>= 3.5.4)
  nokogiri (= 1.4.2)
